GEM
  remote: https://rubygems.org/
  specs:
    byebug (11.1.3)
    dotenv (3.1.2)
    terminal-table (3.0.2)
      unicode-display_width (>= 1.1.1, < 3)
    unicode-display_width (2.5.0)

PLATFORMS
  ruby
  x86_64-linux

DEPENDENCIES
  byebug (~> 11.1)
  dotenv (~> 3.1)
  terminal-table

RUBY VERSION
   ruby 3.3.1p55

BUNDLED WITH
   2.5.9
